PATH
  remote: .
  specs:
    tiny_ruby_server (0.1)

GEM
  remote: https://rubygems.org/
  specs:

PLATFORMS
  ruby

DEPENDENCIES
  tiny_ruby_server!
